GEM
  remote: https://rubygems.org/
  specs:
    bson (1.11.1)
    chronic (0.10.2)
    json (1.8.1)
    mongo (1.11.1)
      bson (= 1.11.1)
    netrc (0.7.9)
    rack (1.5.2)
    rack-protection (1.5.3)
      rack
    rest_client (1.8.2)
      netrc (~> 0.7.7)
    sinatra (1.4.5)
      rack (~> 1.4)
      rack-protection (~> 1.4)
      tilt (~> 1.3, >= 1.3.4)
    tilt (1.4.1)

PLATFORMS
  ruby

DEPENDENCIES
  chronic
  json
  mongo
  rest_client (>= 1.7.2)
  sinatra
